{
	"Modality": "MR",
	"MagneticFieldStrength": 6.98,
	"ImagingFrequency": 297.047,
	"Manufacturer": "Siemens",
	"ManufacturersModelName": "Investigational_Device_7T",
	"InstitutionName": "MGH 7T",
	"InstitutionalDepartmentName": "MGH NMR Center",
	"InstitutionAddress": "13 St 149,Charlestown,Massachusetts,US,02129",
	"DeviceSerialNumber": "18001",
	"StationName": "BAY5OC",
	"PatientPosition": "HFS",
	"ProcedureStepDescription": "INVESTIGATORS^Laura",
	"SoftwareVersions": "syngo MR B17",
	"MRAcquisitionType": "2D",
	"SeriesDescription": "ep2d_bold_2p0mm_iso_SMS3_R2_tra_PA",
	"ProtocolName": "ep2d_bold_2p0mm_iso_SMS3_R2_tra_PA",
	"ScanningSequence": "EP",
	"SequenceVariant": "SK",
	"SequenceName": "epfid2d1_120",
	"ImageType": ["ORIGINAL", "PRIMARY", "M", "ND", "MOSAIC"],
	"NonlinearGradientCorrection": false,
	"AcquisitionNumber": 1,
	"SliceThickness": 2,
	"SpacingBetweenSlices": 2,
	"SAR": 0.0535007,
	"EchoTime": 0.024,
	"RepetitionTime": 0.227,
	"FlipAngle": 30,
	"PartialFourier": 1,
	"BaseResolution": 120,
	"ShimSetting": [
		-296,
		-154,
		660,
		109,
		451,
		-1558,
		280,
		-247	],
	"TxRefAmp": 430,
	"PhaseResolution": 1,
	"ReceiveCoilName": "7T31ChHeadSG",
	"CoilString": "C:H12-18,21-28,31-38,41-48",
	"PulseSequenceDetails": "%CustomerSeq%/jonp\\ep2d_bold_mse_patref_SliceAcc_ver6",
	"RefLinesPE": 80,
	"CoilCombinationMethod": "Sum of Squares",
	"MatrixCoilMode": "GRAPPA",
	"PercentPhaseFOV": 100,
	"PercentSampling": 100,
	"PhaseEncodingSteps": 119,
	"AcquisitionMatrixPE": 120,
	"ReconMatrixPE": 120,
	"BandwidthPerPixelPhaseEncode": 28.249,
	"ParallelReductionFactorInPlane": 2,
	"EffectiveEchoSpacing": 0.000294996,
	"DerivedVendorReportedEchoSpacing": 0.000589991,
	"TotalReadoutTime": 0.0351045,
	"PixelBandwidth": 2604,
	"DwellTime": 1.6e-06,
	"PhaseEncodingDirection": "j",
	"SliceTiming": [
		0,
		0.086,
		0.172,
		0.043,
		0.129,
		0,
		0.086,
		0.172,
		0.043,
		0.129,
		0,
		0.086,
		0.172,
		0.043,
		0.129	],
	"ImageOrientationPatientDICOM": [
		0.999979,
		0.00162126,
		0.00620086,
		-7.54542e-09,
		0.967478,
		-0.252954	],
	"ImageOrientationText": "Tra>Cor(-14.7)>Sag(0.4)",
	"InPlanePhaseEncodingDirectionDICOM": "COL",
	"ConversionSoftware": "dcm2niix",
	"ConversionSoftwareVersion": "v1.0.20220720",
	"TaskName": "checker"
}
